PATH
  remote: .
  specs:
    simple_analytics (0.0.1)
      google_client_login (~> 0.3)
      json

GEM
  remote: http://rubygems.org/
  specs:
    addressable (2.3.2)
    crack (0.3.2)
    diff-lcs (1.1.3)
    fuubar (0.0.6)
      rspec (~> 2.0)
      rspec-instafail (~> 0.1.8)
      ruby-progressbar (~> 0.0.10)
    google_client_login (0.3.1)
    json (1.7.6)
    rake (10.0.3)
    rspec (2.12.0)
      rspec-core (~> 2.12.0)
      rspec-expectations (~> 2.12.0)
      rspec-mocks (~> 2.12.0)
    rspec-core (2.12.2)
    rspec-expectations (2.12.1)
      diff-lcs (~> 1.1.3)
    rspec-instafail (0.1.9)
    rspec-mocks (2.12.1)
    ruby-progressbar (0.0.10)
    webmock (1.7.10)
      addressable (~> 2.2, > 2.2.5)
      crack (>= 0.1.7)

PLATFORMS
  ruby

DEPENDENCIES
  fuubar (~> 0.0.6)
  rake
  rspec (~> 2.8)
  simple_analytics!
  webmock (~> 1.7.10)
