PATH
  remote: .
  specs:
    simple_analytics (0.0.1)
      google_client_login (~> 0.3.1)

GEM
  remote: http://rubygems.org/
  specs:
    addressable (2.2.6)
    crack (0.3.1)
    diff-lcs (1.1.3)
    google_client_login (0.3.1)
    rake (0.9.2.2)
    rspec (2.8.0)
      rspec-core (~> 2.8.0)
      rspec-expectations (~> 2.8.0)
      rspec-mocks (~> 2.8.0)
    rspec-core (2.8.0)
    rspec-expectations (2.8.0)
      diff-lcs (~> 1.1.2)
    rspec-mocks (2.8.0)
    webmock (1.7.10)
      addressable (~> 2.2, > 2.2.5)
      crack (>= 0.1.7)

PLATFORMS
  ruby

DEPENDENCIES
  rake (~> 0.9.2.2)
  rspec (~> 2.8)
  simple_analytics!
  webmock (~> 1.7.10)
